GIT
  remote: https://github.com/kief/awspec.git
  revision: 6333cd1bc2ddf4ccbf5472f80a283eeaf6af9650
  specs:
    awspec (0.61.0)
      activesupport (~> 4.0)
      aws-sdk (>= 2.2, < 2.7)
      awsecrets (~> 1.5.0)
      rspec (~> 3.0)
      rspec-its
      term-ansicolor
      thor

GEM
  remote: https://rubygems.org/
  specs:
    activesupport (4.2.7.1)
      i18n (~> 0.7)
      json (~> 1.7, >= 1.7.7)
      minitest (~> 5.1)
      thread_safe (~> 0.3, >= 0.3.4)
      tzinfo (~> 1.1)
    aws-sdk (2.6.40)
      aws-sdk-resources (= 2.6.40)
    aws-sdk-core (2.6.40)
      aws-sigv4 (~> 1.0)
      jmespath (~> 1.0)
    aws-sdk-resources (2.6.40)
      aws-sdk-core (= 2.6.40)
    aws-sigv4 (1.0.0)
    aws_config (0.0.4)
    awsecrets (1.5.0)
      aws-sdk (>= 2.2, < 2.7)
      aws_config (= 0.0.4)
    diff-lcs (1.2.5)
    i18n (0.7.0)
    jmespath (1.3.1)
    json (1.8.3)
    minitest (5.10.1)
    multi_json (1.12.1)
    net-scp (1.2.1)
      net-ssh (>= 2.6.5)
    net-ssh (3.2.0)
    net-telnet (0.1.1)
    rspec (3.5.0)
      rspec-core (~> 3.5.0)
      rspec-expectations (~> 3.5.0)
      rspec-mocks (~> 3.5.0)
    rspec-core (3.5.4)
      rspec-support (~> 3.5.0)
    rspec-expectations (3.5.0)
      diff-lcs (>= 1.2.0, < 2.0)
      rspec-support (~> 3.5.0)
    rspec-its (1.2.0)
      rspec-core (>= 3.0.0)
      rspec-expectations (>= 3.0.0)
    rspec-mocks (3.5.0)
      diff-lcs (>= 1.2.0, < 2.0)
      rspec-support (~> 3.5.0)
    rspec-support (3.5.0)
    serverspec (2.37.2)
      multi_json
      rspec (~> 3.0)
      rspec-its
      specinfra (~> 2.53)
    sfl (2.3)
    specinfra (2.66.2)
      net-scp
      net-ssh (>= 2.7, < 4.0)
      net-telnet
      sfl
    term-ansicolor (1.4.0)
      tins (~> 1.0)
    thor (0.19.4)
    thread_safe (0.3.5)
    tins (1.13.0)
    tzinfo (1.2.2)
      thread_safe (~> 0.1)

PLATFORMS
  ruby

DEPENDENCIES
  awspec!
  serverspec

BUNDLED WITH
   1.13.6
